PATH
  remote: .
  specs:
    markdown-table-formatter (1.0.0)

GEM
  remote: https://rubygems.org/
  specs:
    docile (1.3.2)
    minitest (5.14.2)
    rake (13.0.1)
    simplecov (0.18.5)
      docile (~> 1.1)
      simplecov-html (~> 0.11)
    simplecov-html (0.12.2)

PLATFORMS
  ruby

DEPENDENCIES
  bundler (>= 1.12.0, < 3.0.0)
  markdown-table-formatter!
  minitest
  rake (>= 12.3.3)
  simplecov

BUNDLED WITH
   2.1.4
