PATH
  remote: .
  specs:
    markdown-table-formatter (1.0.0)

GEM
  remote: https://rubygems.org/
  specs:
    minitest (5.14.2)
    rake (13.0.1)

PLATFORMS
  ruby

DEPENDENCIES
  bundler (>= 1.12.0, < 3.0.0)
  markdown-table-formatter!
  minitest
  rake (>= 12.3.3)

BUNDLED WITH
   2.1.4
